GEM
  remote: https://rubygems.org/
  specs:
    docile (1.4.0)
    json (2.5.1)
    json_pure (2.5.1)
    multi_json (1.15.0)
    mustermann (1.1.1)
      ruby2_keywords (~> 0.0.1)
    mysql2 (0.5.3)
    rack (2.2.3)
    rack-protection (2.1.0)
      rack
    ruby2_keywords (0.0.5)
    simplecov (0.21.2)
      docile (~> 1.1)
      simplecov-html (~> 0.11)
      simplecov_json_formatter (~> 0.1)
    simplecov-html (0.12.3)
    simplecov_json_formatter (0.1.3)
    sinatra (2.1.0)
      mustermann (~> 1.0)
      rack (~> 2.2)
      rack-protection (= 2.1.0)
      tilt (~> 2.0)
    tilt (2.0.10)

PLATFORMS
  ruby

DEPENDENCIES
  json (~> 2.5.1)
  json_pure (~> 2.5.1)
  multi_json (~> 1.15.0)
  mysql2 (~> 0.5.3)
  simplecov (~> 0.21.2)
  simplecov-html (~> 0.12.3)
  simplecov_json_formatter (~> 0.1.3)
  sinatra (~> 2.1.0)

BUNDLED WITH
   2.1.4
